PATH
  remote: .
  specs:
    active_storage (0.1.0)

GEM
  remote: https://rubygems.org/
  specs:

PLATFORMS
  ruby

DEPENDENCIES
  active_storage!

BUNDLED WITH
   1.13.6
